GEM
  remote: http://rubygems.org/
  specs:
    albacore (2.3.16)
      map (~> 6.5)
      nokogiri (~> 1.5)
      rake (~> 10)
      semver2 (~> 3.4)
    dbi (0.4.5)
      deprecated (= 2.0.1)
    deprecated (2.0.1)
    map (6.5.5)
    mini_portile (0.6.2)
    minitest (5.5.1)
    nokogiri (1.6.6.2)
      mini_portile (~> 0.6.0)
    nuget (2.8.50126.400)
    nuget_helper (0.0.3)
      nuget (~> 2.8.50126.400)
    rake (10.4.2)
    semver2 (3.4.1)

PLATFORMS
  ruby

DEPENDENCIES
  albacore
  dbi
  minitest
  nuget_helper
