GEM
  remote: http://rubygems.org/
  specs:
    dbi (0.4.5)
      deprecated (= 2.0.1)
    deprecated (2.0.1)
    lazy_priority_queue (0.1.1)
    minitest (5.11.3)
    rake (10.5.0)
    rgl (0.5.3)
      lazy_priority_queue (~> 0.1.0)
      stream (~> 0.5.0)
    stream (0.5)

PLATFORMS
  ruby

DEPENDENCIES
  dbi
  minitest
  rake
  rgl

BUNDLED WITH
   1.16.2
